GIT
  remote: https://github.com/18F/uswds-jekyll.git
  revision: daec4e206672ff685787cbe020ad22cf73d50cd2
  specs:
    uswds-jekyll (2.1.0)
      jekyll (~> 3.4)

GEM
  remote: https://rubygems.org/
  specs:
    addressable (2.5.2)
      public_suffix (>= 2.0.2, < 4.0)
    colorator (1.1.0)
    ffi (1.9.18)
    forwardable-extended (2.6.0)
    htmlentities (4.3.4)
    jekyll (3.6.2)
      addressable (~> 2.4)
      colorator (~> 1.0)
      jekyll-sass-converter (~> 1.0)
      jekyll-watch (~> 1.1)
      kramdown (~> 1.14)
      liquid (~> 4.0)
      mercenary (~> 0.3.3)
      pathutil (~> 0.9)
      rouge (>= 1.7, < 3)
      safe_yaml (~> 1.0)
    jekyll-sass-converter (1.5.1)
      sass (~> 3.4)
    jekyll-watch (1.5.1)
      listen (~> 3.0)
    jekyll_pages_api (0.1.6)
      htmlentities (~> 4.3)
      jekyll (>= 2.0, < 4.0)
    jekyll_pages_api_search (0.4.4)
      jekyll_pages_api (~> 0.1.4)
      sass (~> 3.4)
    kramdown (1.16.2)
    liquid (4.0.0)
    listen (3.1.5)
      rb-fsevent (~> 0.9, >= 0.9.4)
      rb-inotify (~> 0.9, >= 0.9.7)
      ruby_dep (~> 1.2)
    mercenary (0.3.6)
    pathutil (0.16.1)
      forwardable-extended (~> 2.6)
    public_suffix (3.0.1)
    rb-fsevent (0.10.2)
    rb-inotify (0.9.10)
      ffi (>= 0.5.0, < 2)
    rouge (2.2.1)
    ruby_dep (1.5.0)
    safe_yaml (1.0.4)
    sass (3.5.3)
      sass-listen (~> 4.0.0)
    sass-listen (4.0.0)
      rb-fsevent (~> 0.9, >= 0.9.4)
      rb-inotify (~> 0.9, >= 0.9.7)

PLATFORMS
  ruby

DEPENDENCIES
  jekyll_pages_api_search
  uswds-jekyll!

BUNDLED WITH
   1.15.4
